GEM
  remote: https://rubygems.org/
  specs:
    backports (3.6.8)
    concurrent-ruby (1.0.5)
    flowdock (0.7.1)
      httparty (~> 0.7)
      multi_json
    httparty (0.14.0)
      multi_xml (>= 0.5.2)
    json (2.0.2)
    multi_json (1.12.1)
    multi_xml (0.6.0)
    puma (3.7.0)
    rack (1.6.5)
    rack-protection (1.5.3)
      rack
    rack-test (0.6.3)
      rack (>= 1.0)
    sinatra (1.4.8)
      rack (~> 1.5)
      rack-protection (~> 1.4)
      tilt (>= 1.3, < 3)
    sinatra-contrib (1.4.7)
      backports (>= 2.0)
      multi_json
      rack-protection
      rack-test
      sinatra (~> 1.4.0)
      tilt (>= 1.3, < 3)
    sucker_punch (2.0.2)
      concurrent-ruby (~> 1.0.0)
    tilt (2.0.6)

PLATFORMS
  ruby

DEPENDENCIES
  flowdock
  json
  puma
  sinatra (= 1.4.8)
  sinatra-contrib
  sucker_punch

BUNDLED WITH
   1.13.6
